PATH
  remote: ..
  specs:
    omniauth-discord (1.0.0)
      omniauth (~> 2.0.4)
      omniauth-oauth2

GEM
  remote: https://rubygems.org/
  specs:
    backports (3.15.0)
    faraday (2.3.0)
      faraday-net_http (~> 2.0)
      ruby2_keywords (>= 0.0.4)
    faraday-net_http (2.0.3)
    hashie (5.0.0)
    jwt (2.3.0)
    multi_json (1.15.0)
    multi_xml (0.6.0)
    mustermann (1.0.3)
    oauth2 (1.4.9)
      faraday (>= 0.17.3, < 3.0)
      jwt (>= 1.0, < 3.0)
      multi_json (~> 1.3)
      multi_xml (~> 0.5)
      rack (>= 1.2, < 3)
    omniauth (2.0.4)
      hashie (>= 3.4.6)
      rack (>= 1.6.2, < 3)
      rack-protection
    omniauth-oauth2 (1.7.2)
      oauth2 (~> 1.4)
      omniauth (>= 1.9, < 3)
    rack (2.2.3.1)
    rack-protection (2.0.5)
      rack
    ruby2_keywords (0.0.5)
    sinatra (2.0.5)
      mustermann (~> 1.0)
      rack (~> 2.0)
      rack-protection (= 2.0.5)
      tilt (~> 2.0)
    sinatra-contrib (2.0.5)
      backports (>= 2.8.2)
      multi_json
      mustermann (~> 1.0)
      rack-protection (= 2.0.5)
      sinatra (= 2.0.5)
      tilt (>= 1.3, < 3)
    sinatra-reloader (1.0)
      sinatra-contrib
    tilt (2.0.9)

PLATFORMS
  ruby

DEPENDENCIES
  omniauth-discord!
  sinatra
  sinatra-reloader

BUNDLED WITH
   2.0.2
